GEM
  remote: http://rubygems.org/
  specs:
    actionmailer (3.2.6)
      actionpack (= 3.2.6)
      mail (~> 2.4.4)
    actionpack (3.2.6)
      activemodel (= 3.2.6)
      activesupport (= 3.2.6)
      builder (~> 3.0.0)
      erubis (~> 2.7.0)
      journey (~> 1.0.1)
      rack (~> 1.4.0)
      rack-cache (~> 1.2)
      rack-test (~> 0.6.1)
      sprockets (~> 2.1.3)
    activemodel (3.2.6)
      activesupport (= 3.2.6)
      builder (~> 3.0.0)
    activerecord (3.2.6)
      activemodel (= 3.2.6)
      activesupport (= 3.2.6)
      arel (~> 3.0.2)
      tzinfo (~> 0.3.29)
    activeresource (3.2.6)
      activemodel (= 3.2.6)
      activesupport (= 3.2.6)
    activesupport (3.2.6)
      i18n (~> 0.6)
      multi_json (~> 1.0)
    addressable (2.2.8)
    admin_view (0.2.0)
      kaminari (>= 0.12)
      meta_search (>= 1.0)
      rails (>= 3.0)
    archive-tar-minitar (0.5.2)
    arel (3.0.2)
    awesome_print (1.0.2)
    bcrypt-ruby (3.0.1)
    builder (3.0.0)
    capybara (1.1.2)
      mime-types (>= 1.16)
      nokogiri (>= 1.3.3)
      rack (>= 1.0.0)
      rack-test (>= 0.5.4)
      selenium-webdriver (~> 2.0)
      xpath (~> 0.1.4)
    carrierwave (0.6.2)
      activemodel (>= 3.2.0)
      activesupport (>= 3.2.0)
    childprocess (0.3.3)
      ffi (~> 1.0.6)
    chronic (0.6.7)
    columnize (0.3.6)
    cucumber (1.2.1)
      builder (>= 2.1.2)
      diff-lcs (>= 1.1.3)
      gherkin (~> 2.11.0)
      json (>= 1.4.6)
    cucumber-rails (1.3.0)
      capybara (>= 1.1.2)
      cucumber (>= 1.1.8)
      nokogiri (>= 1.5.0)
    daemons (1.0.10)
    database_cleaner (0.8.0)
    devise (2.1.2)
      bcrypt-ruby (~> 3.0)
      orm_adapter (~> 0.1)
      railties (~> 3.1)
      warden (~> 1.2.1)
    diff-lcs (1.1.3)
    dynamic_form (1.1.4)
    email_spec (1.2.1)
      mail (~> 2.2)
      rspec (~> 2.0)
    erubis (2.7.0)
    eventmachine (0.12.10)
    excon (0.14.2)
    factory_girl (3.5.0)
      activesupport (>= 3.0.0)
    factory_girl_rails (3.5.0)
      factory_girl (~> 3.5.0)
      railties (>= 3.0.0)
    faraday (0.8.1)
      multipart-post (~> 1.1)
    ffi (1.0.11)
    gherkin (2.11.1)
      json (>= 1.4.6)
    hashie (1.2.0)
    heroku (2.28.7)
      heroku-api (~> 0.2.6)
      launchy (>= 0.3.2)
      netrc (~> 0.7.5)
      rest-client (~> 1.6.1)
      rubyzip
    heroku-api (0.2.6)
      excon (~> 0.14.0)
    hike (1.2.1)
    httpauth (0.1)
    i18n (0.6.0)
    journey (1.0.4)
    jquery-rails (2.0.2)
      railties (>= 3.2.0, < 5.0)
      thor (~> 0.14)
    json (1.7.3)
    kaminari (0.13.0)
      actionpack (>= 3.0.0)
      activesupport (>= 3.0.0)
      railties (>= 3.0.0)
    launchy (2.1.0)
      addressable (~> 2.2.6)
    libwebsocket (0.1.3)
      addressable
    linecache19 (0.5.12)
      ruby_core_source (>= 0.1.4)
    mail (2.4.4)
      i18n (>= 0.4.0)
      mime-types (~> 1.16)
      treetop (~> 1.4.8)
    meta_search (1.1.3)
      actionpack (~> 3.1)
      activerecord (~> 3.1)
      activesupport (~> 3.1)
      polyamorous (~> 0.5.0)
    mime-types (1.19)
    multi_json (1.3.6)
    multipart-post (1.1.5)
    netrc (0.7.5)
    nokogiri (1.5.5)
    oauth2 (0.6.0)
      faraday (~> 0.7)
      httpauth (~> 0.1)
      multi_json (~> 1.0)
    omniauth (1.1.0)
      hashie (~> 1.2)
      rack
    omniauth-facebook (1.4.0)
      omniauth-oauth2 (~> 1.0.2)
    omniauth-oauth2 (1.0.2)
      oauth2 (~> 0.6.0)
      omniauth (~> 1.0)
    orm_adapter (0.3.0)
    pg (0.12.2)
    polyamorous (0.5.0)
      activerecord (~> 3.0)
    polyglot (0.3.3)
    rack (1.4.1)
    rack-cache (1.2)
      rack (>= 0.4)
    rack-ssl (1.3.2)
      rack
    rack-test (0.6.1)
      rack (>= 1.0)
    rails (3.2.6)
      actionmailer (= 3.2.6)
      actionpack (= 3.2.6)
      activerecord (= 3.2.6)
      activeresource (= 3.2.6)
      activesupport (= 3.2.6)
      bundler (~> 1.0)
      railties (= 3.2.6)
    railties (3.2.6)
      actionpack (= 3.2.6)
      activesupport (= 3.2.6)
      rack-ssl (~> 1.3.2)
      rake (>= 0.8.7)
      rdoc (~> 3.4)
      thor (>= 0.14.6, < 2.0)
    rake (0.9.2.2)
    rdoc (3.12)
      json (~> 1.4)
    rest-client (1.6.7)
      mime-types (>= 1.16)
    rspec (2.10.0)
      rspec-core (~> 2.10.0)
      rspec-expectations (~> 2.10.0)
      rspec-mocks (~> 2.10.0)
    rspec-core (2.10.1)
    rspec-expectations (2.10.0)
      diff-lcs (~> 1.1.3)
    rspec-mocks (2.10.1)
    rspec-rails (2.10.1)
      actionpack (>= 3.0)
      activesupport (>= 3.0)
      railties (>= 3.0)
      rspec (~> 2.10.0)
    ruby-debug-base19 (0.11.25)
      columnize (>= 0.3.1)
      linecache19 (>= 0.5.11)
      ruby_core_source (>= 0.1.4)
    ruby-debug19 (0.11.6)
      columnize (>= 0.3.1)
      linecache19 (>= 0.5.11)
      ruby-debug-base19 (>= 0.11.19)
    ruby_core_source (0.1.5)
      archive-tar-minitar (>= 0.5.2)
    rubyzip (0.9.9)
    selenium-webdriver (2.24.0)
      childprocess (>= 0.2.5)
      libwebsocket (~> 0.1.3)
      multi_json (~> 1.0)
      rubyzip
    shoulda (3.0.1)
      shoulda-context (~> 1.0.0)
      shoulda-matchers (~> 1.0.0)
    shoulda-context (1.0.0)
    shoulda-matchers (1.0.0)
    spork (1.0.0rc3)
    spork-rails (3.2.0)
      rails (>= 3.0.0, < 3.3.0)
      spork (>= 1.0rc0)
    sprockets (2.1.3)
      hike (~> 1.2)
      rack (~> 1.0)
      tilt (~> 1.1, != 1.3.0)
    thin (1.3.1)
      daemons (>= 1.0.9)
      eventmachine (>= 0.12.6)
      rack (>= 1.0.0)
    thor (0.15.4)
    tilt (1.3.3)
    treetop (1.4.10)
      polyglot
      polyglot (>= 0.3.1)
    tzinfo (0.3.33)
    warden (1.2.1)
      rack (>= 1.0)
    xpath (0.1.4)
      nokogiri (~> 1.3)

PLATFORMS
  ruby

DEPENDENCIES
  admin_view
  awesome_print
  capybara
  carrierwave
  chronic
  cucumber-rails
  database_cleaner
  devise
  dynamic_form
  email_spec
  factory_girl_rails
  heroku
  jquery-rails
  kaminari
  meta_search
  omniauth-facebook
  pg
  rails
  rspec-rails
  ruby-debug19
  selenium-webdriver
  shoulda
  spork-rails
  thin
